GEM
  specs:
    archive-tar-minitar (0.5.2)
    columnize (0.3.2)
    linecache19 (0.5.11)
      ruby_core_source (>= 0.1.4)
    mustache (0.11.2)
    mysql2 (0.2.6)
    rack (1.2.1)
    ruby-debug-base19 (0.11.24)
      columnize (>= 0.3.1)
      linecache19 (>= 0.5.11)
      ruby_core_source (>= 0.1.4)
    ruby-debug19 (0.11.6)
      columnize (>= 0.3.1)
      linecache19 (>= 0.5.11)
      ruby-debug-base19 (>= 0.11.19)
    ruby_core_source (0.1.4)
      archive-tar-minitar (>= 0.5.2)
    sinatra (1.0)
      rack (>= 1.0)
    yajl-ruby (0.7.8)

PLATFORMS
  ruby

DEPENDENCIES
  mustache
  mysql2
  ruby-debug19
  sinatra
  yajl-ruby
